GEM
  remote: https://rubygems.org/
  specs:
    backports (3.6.7)
    builder (3.2.2)
    foreman (0.78.0)
      thor (~> 0.19.1)
    i18n (0.7.0)
    io-console (0.4.2)
    jwt (1.5.2)
    multi_json (1.11.2)
    rack (1.6.4)
    rack-contrib (1.1.0)
      rack (>= 0.9.1)
    rack-protection (1.5.3)
      rack
    rack-test (0.6.3)
      rack (>= 1.0)
    redcarpet (3.2.2)
    sinatra (1.4.6)
      rack (~> 1.4)
      rack-protection (~> 1.4)
      tilt (>= 1.3, < 3)
    sinatra-contrib (1.4.6)
      backports (>= 2.0)
      multi_json
      rack-protection
      rack-test
      sinatra (~> 1.4.0)
      tilt (>= 1.3, < 3)
    soracom (1.0.5)
      io-console
      thor
    thor (0.19.1)
    tilt (2.0.1)
    twilio-ruby (4.8.0)
      builder (>= 2.1.2)
      jwt (~> 1.0)
      multi_json (>= 1.3.0)

PLATFORMS
  ruby

DEPENDENCIES
  foreman (= 0.78.0)
  i18n (= 0.7.0)
  rack-contrib (= 1.1.0)
  redcarpet (= 3.2.2)
  sinatra (= 1.4.6)
  sinatra-contrib (= 1.4.6)
  soracom (= 1.0.5)
  twilio-ruby (= 4.8.0)
